PATH
  remote: .
  specs:
    net-openvpn (0.3)

GEM
  remote: https://rubygems.org/
  specs:
    diff-lcs (1.2.5)
    fakefs (0.5.0)
    rake (10.1.1)
    rspec (2.14.1)
      rspec-core (~> 2.14.0)
      rspec-expectations (~> 2.14.0)
      rspec-mocks (~> 2.14.0)
    rspec-core (2.14.7)
    rspec-expectations (2.14.5)
      diff-lcs (>= 1.1.3, < 2.0)
    rspec-mocks (2.14.5)
    serialport (1.3.0)

PLATFORMS
  ruby

DEPENDENCIES
  bundler (~> 1.5)
  fakefs
  net-openvpn!
  rake
  rspec
  serialport
